PATH
  remote: ../../../../src/github.com/kejadlen/alphred
  specs:
    alphred (2.0.2)
      builder (~> 3.2)

GEM
  remote: https://rubygems.org/
  specs:
    builder (3.2.3)
    coderay (1.1.1)
    method_source (0.8.2)
    pry (0.10.4)
      coderay (~> 1.1.0)
      method_source (~> 0.8.1)
      slop (~> 3.4)
    rake (11.3.0)
    slop (3.6.0)

PLATFORMS
  ruby

DEPENDENCIES
  alphred (~> 2.0)!
  pry
  rake

BUNDLED WITH
   1.15.4
